GEM
  specs:
    pg (0.17.1-x86-mingw32)
    sqlite3 (1.3.9-x86-mingw32)

PLATFORMS
  x86-mingw32

DEPENDENCIES
  pg
  sqlite3
